GEM
  remote: http://rubygems.org/
  specs:
    curb (0.8.6)
    daybreak (0.3.0)
    feedjira (1.6.0)
      curb (~> 0.8)
      loofah (~> 2.0)
      sax-machine (~> 1.0)
    httparty (0.13.3)
      json (~> 1.8)
      multi_xml (>= 0.5.2)
    json (1.8.2)
    loofah (2.0.1)
      nokogiri (>= 1.5.9)
    mini_portile (0.6.2)
    multi_xml (0.5.5)
    nokogiri (1.6.6.2)
      mini_portile (~> 0.6.0)
    sax-machine (1.3.0)

PLATFORMS
  ruby

DEPENDENCIES
  daybreak
  feedjira
  httparty
